GEM
  remote: http://rubygems.org/
  specs:
    diff-lcs (1.1.3)
    faker (1.0.1)
      i18n (~> 0.4)
    i18n (0.6.0)
    rake (0.9.2.2)
    rspec (2.10.0)
      rspec-core (~> 2.10.0)
      rspec-expectations (~> 2.10.0)
      rspec-mocks (~> 2.10.0)
    rspec-core (2.10.1)
    rspec-expectations (2.10.0)
      diff-lcs (~> 1.1.3)
    rspec-mocks (2.10.1)

PLATFORMS
  ruby

DEPENDENCIES
  faker
  rake (~> 0.9.2)
  rspec
